GEM
  remote: https://rubygems.org/
  specs:
    benchmark (0.2.0)
    coderay (1.1.3)
    concurrent-ruby (1.1.10)
    ffi (1.15.5)
    json (2.6.2)
    karafka (2.0.15)
      karafka-core (>= 2.0.2, < 3.0.0)
      rdkafka (>= 0.12)
      thor (>= 0.20)
      waterdrop (>= 2.4.1, < 3.0.0)
      zeitwerk (~> 2.3)
    karafka-core (2.0.3)
      concurrent-ruby (>= 1.1)
    method_source (1.0.0)
    mini_portile2 (2.8.0)
    pry (0.14.1)
      coderay (~> 1.1)
      method_source (~> 1.0)
    rake (13.0.6)
    rdkafka (0.12.0)
      ffi (~> 1.15)
      mini_portile2 (~> 2.6)
      rake (> 12)
    thor (1.2.1)
    waterdrop (2.4.2)
      karafka-core (>= 2.0.2, < 3.0.0)
      rdkafka (>= 0.10)
      zeitwerk (~> 2.3)
    zeitwerk (2.6.4)

PLATFORMS
  x86_64-linux

DEPENDENCIES
  benchmark (~> 0.2.0)
  json (~> 2.6)
  karafka (~> 2.0)
  pry (~> 0.14.1)
  rake (~> 13.0)
  rdkafka (~> 0.12.0)

BUNDLED WITH
   2.2.13
